PATH
  remote: .
  specs:
    htauth (2.1.1)
      bcrypt (~> 3.1)

GEM
  remote: https://rubygems.org/
  specs:
    bcrypt (3.1.18)
    bcrypt (3.1.18-java)
    builder (3.2.4)
    docile (1.4.0)
    jar-dependencies (0.4.1)
    minitest (5.17.0)
    minitest-junit (1.1.0)
      builder (~> 3.2)
      minitest (~> 5.11)
    psych (5.0.1)
      stringio
    psych (5.0.1-java)
      jar-dependencies (>= 0.1.7)
    rake (13.0.6)
    rdoc (6.5.0)
      psych (>= 4.0.0)
    simplecov (0.22.0)
      docile (~> 1.1)
      simplecov-html (~> 0.11)
      simplecov_json_formatter (~> 0.1)
    simplecov-html (0.12.3)
    simplecov_json_formatter (0.1.4)
    stringio (3.0.4)

PLATFORMS
  arm64-darwin-21
  java
  linux
  ruby

DEPENDENCIES
  htauth!
  minitest (~> 5.11)
  minitest-junit (~> 1.0)
  rake (~> 13.0)
  rdoc (~> 6.4)
  simplecov (~> 0.17)

BUNDLED WITH
   2.4.3
