PATH
  remote: .
  specs:
    htauth (2.1.1)
      bcrypt (~> 3.1)

GEM
  remote: https://rubygems.org/
  specs:
    bcrypt (3.1.18)
    docile (1.4.0)
    minitest (5.17.0)
    psych (5.0.1)
      stringio
    rake (13.0.6)
    rdoc (6.5.0)
      psych (>= 4.0.0)
    simplecov (0.22.0)
      docile (~> 1.1)
      simplecov-html (~> 0.11)
      simplecov_json_formatter (~> 0.1)
    simplecov-html (0.12.3)
    simplecov_json_formatter (0.1.4)
    stringio (3.0.4)

PLATFORMS
  ruby

DEPENDENCIES
  htauth!
  minitest (~> 5.5)
  rake (~> 13.0)
  rdoc (~> 6.2)
  simplecov (~> 0.17)

BUNDLED WITH
   2.1.4
